GEM
  remote: https://rubygems.org/
  specs:
    bashcov (3.1.1)
      simplecov (~> 0.21.2)
    docile (1.4.0)
    rexml (3.2.6)
    simplecov (0.21.2)
      docile (~> 1.1)
      simplecov-html (~> 0.11)
      simplecov_json_formatter (~> 0.1)
    simplecov-cobertura (2.1.0)
      rexml
      simplecov (~> 0.19)
    simplecov-html (0.12.3)
    simplecov_json_formatter (0.1.4)

PLATFORMS
  arm64-darwin-23
  ruby

DEPENDENCIES
  bashcov (~> 3.1)
  simplecov (~> 0.21.2)
  simplecov-cobertura (~> 2.1)

BUNDLED WITH
   2.5.3
